{
    "AcquisitionNumber": 1,
    "AcquisitionTime": "09:12:18",
    "BrainVoyagerInfo": {
        "CalculatedDicomSlice1CenterX": -90.18223571777344,
        "CalculatedDicomSlice1CenterY": -18.146530151367188,
        "CalculatedDicomSlice1CenterZ": -63.54861068725586,
        "CalculatedDicomSliceNCenterX": 83.7530746459961,
        "CalculatedDicomSliceNCenterY": -36.427886962890625,
        "CalculatedDicomSliceNCenterZ": -57.441192626953125,
        "CoordinateSystem": 1,
        "DicomColDirX": 0.03470833972096443,
        "DicomColDirY": -0.0036480091512203217,
        "DicomColDirZ": -0.9993908405303955,
        "DicomFoVCols": 256,
        "DicomFoVRows": 224,
        "DicomGapThickness": 0,
        "DicomNCols": 224,
        "DicomNRows": 256,
        "DicomPosInfoPresent": 1,
        "DicomRowDirX": 0.1045285016298294,
        "DicomRowDirY": 0.9945219159126282,
        "DicomRowDirZ": 0,
        "DicomSliceThickness": 1,
        "DocumentType": "VMR",
        "FramingCubeDim": 256,
        "MagnetPosInfosVerified": 1,
        "NrOfPastSpatialTransformations": 0,
        "NrOfPreprocessingSteps": 0,
        "OffsetX": 0,
        "OffsetY": 0,
        "OffsetZ": 0,
        "ReferenceSpace": "Native",
        "Version": 1
    },
    "ConversionSoftware": "BrainVoyager",
    "ConversionSoftwareVersion": "21.4.5.4030",
    "ImageNumber": 176,
    "ImageOrientationPatientDICOM": [
        0.10452850309658,
        0.99452189118208,
        -1.4020131e-08,
        0.03470834024316,
        -0.0036480090527,
        -0.9993908260273
    ],
    "ImagePositionPatientDICOM": [
        67.672835649119,
        -146.85195372797,
        69.981137359675
    ],
    "ImageType": "ORIGINAL PRIMARY M ND NORM",
    "MagneticFieldStrength": 3,
    "Manufacturer": "SIEMENS",
    "ManufacturersModelName": "Prisma_fit",
    "Modality": "MR",
    "PatientPosition": "HFS",
    "RepetitionTime": 2.3,
    "SeriesDescription": "mprage_sag_p2",
    "SeriesNumber": 2,
    "SliceThickness": 1,
    "StudyDescription": "Culham^Psych_9223"
}
