{
    "AcquisitionNumber": 1,
    "AcquisitionTime": "10:10:20",
    "BrainVoyagerInfo": {
        "CalculatedDicomSlice1CenterX": -86.56888580322266,
        "CalculatedDicomSlice1CenterY": -24.422012329101562,
        "CalculatedDicomSlice1CenterZ": -64.56239318847656,
        "CalculatedDicomSliceNCenterX": 88.43111419677734,
        "CalculatedDicomSliceNCenterY": -24.422012329101562,
        "CalculatedDicomSliceNCenterZ": -64.56239318847656,
        "CoordinateSystem": 1,
        "DicomColDirX": 0,
        "DicomColDirY": 0,
        "DicomColDirZ": -1,
        "DicomFoVCols": 256,
        "DicomFoVRows": 216,
        "DicomGapThickness": 0,
        "DicomNCols": 216,
        "DicomNRows": 256,
        "DicomPosInfoPresent": 1,
        "DicomRowDirX": 0,
        "DicomRowDirY": 1,
        "DicomRowDirZ": 0,
        "DicomSliceThickness": 1,
        "DocumentType": "VMR",
        "FramingCubeDim": 256,
        "MagnetPosInfosVerified": 1,
        "NrOfPastSpatialTransformations": 0,
        "NrOfPreprocessingSteps": 0,
        "OffsetX": 0,
        "OffsetY": 0,
        "OffsetZ": 0,
        "ReferenceSpace": "Native",
        "Version": 1
    },
    "ConversionSoftware": "BrainVoyager",
    "ConversionSoftwareVersion": "21.4.5.4030",
    "ImageNumber": 176,
    "ImageOrientationPatientDICOM": [
        0,
        1,
        0,
        0,
        0,
        -1
    ],
    "ImagePositionPatientDICOM": [
        88.431112647057,
        -131.9220085144,
        62.937606811523
    ],
    "ImageType": "ORIGINAL PRIMARY M ND NORM",
    "MagneticFieldStrength": 3,
    "Manufacturer": "SIEMENS",
    "ManufacturersModelName": "Prisma_fit",
    "Modality": "MR",
    "PatientPosition": "HFS",
    "RepetitionTime": 2.3,
    "SeriesDescription": "mprage_sag_p2",
    "SeriesNumber": 2,
    "SliceThickness": 1,
    "StudyDescription": "Culham^Psych_9223"
}
