{
    "AcquisitionNumber": 1,
    "AcquisitionTime": "14:10:35",
    "BrainVoyagerInfo": {
        "CalculatedDicomSlice1CenterX": -89.28075408935547,
        "CalculatedDicomSlice1CenterY": -25.777938842773438,
        "CalculatedDicomSlice1CenterZ": -61.85053253173828,
        "CalculatedDicomSliceNCenterX": 85.71924591064453,
        "CalculatedDicomSliceNCenterY": -25.777938842773438,
        "CalculatedDicomSliceNCenterZ": -61.85053253173828,
        "CoordinateSystem": 1,
        "DicomColDirX": 0,
        "DicomColDirY": 0,
        "DicomColDirZ": -1,
        "DicomFoVCols": 256,
        "DicomFoVRows": 224,
        "DicomGapThickness": 0,
        "DicomNCols": 224,
        "DicomNRows": 256,
        "DicomPosInfoPresent": 1,
        "DicomRowDirX": 0,
        "DicomRowDirY": 1,
        "DicomRowDirZ": 0,
        "DicomSliceThickness": 1,
        "DocumentType": "VMR",
        "FramingCubeDim": 256,
        "MagnetPosInfosVerified": 1,
        "NrOfPastSpatialTransformations": 0,
        "NrOfPreprocessingSteps": 0,
        "OffsetX": 0,
        "OffsetY": 0,
        "OffsetZ": 0,
        "ReferenceSpace": "Native",
        "Version": 1
    },
    "ConversionSoftware": "BrainVoyager",
    "ConversionSoftwareVersion": "21.4.5.4030",
    "ImageNumber": 176,
    "ImageOrientationPatientDICOM": [
        0,
        1,
        0,
        0,
        0,
        -1
    ],
    "ImagePositionPatientDICOM": [
        85.719248175621,
        -137.27794075012,
        65.649467468262
    ],
    "ImageType": "ORIGINAL PRIMARY M ND NORM",
    "MagneticFieldStrength": 3,
    "Manufacturer": "SIEMENS",
    "ManufacturersModelName": "Prisma_fit",
    "Modality": "MR",
    "PatientPosition": "HFS",
    "RepetitionTime": 2.3,
    "SeriesDescription": "mprage_sag_p2",
    "SeriesNumber": 2,
    "SliceThickness": 1,
    "StudyDescription": "Culham^Psych_9223"
}
