{
    "AcquisitionNumber": 1,
    "AcquisitionTime": "11:16:42",
    "BrainVoyagerInfo": {
        "CalculatedDicomSlice1CenterX": -94.62078857421875,
        "CalculatedDicomSlice1CenterY": -32.526336669921875,
        "CalculatedDicomSlice1CenterZ": -68.63019561767578,
        "CalculatedDicomSliceNCenterX": 80.2502212524414,
        "CalculatedDicomSliceNCenterY": -25.8084716796875,
        "CalculatedDicomSliceNCenterZ": -68.63019561767578,
        "CoordinateSystem": 1,
        "DicomColDirX": 0,
        "DicomColDirY": 0,
        "DicomColDirZ": -1,
        "DicomFoVCols": 256,
        "DicomFoVRows": 224,
        "DicomGapThickness": 0,
        "DicomNCols": 224,
        "DicomNRows": 256,
        "DicomPosInfoPresent": 1,
        "DicomRowDirX": -0.03838779032230377,
        "DicomRowDirY": 0.9992629289627075,
        "DicomRowDirZ": 0,
        "DicomSliceThickness": 1,
        "DocumentType": "VMR",
        "FramingCubeDim": 256,
        "MagnetPosInfosVerified": 1,
        "NrOfPastSpatialTransformations": 0,
        "NrOfPreprocessingSteps": 0,
        "OffsetX": 0,
        "OffsetY": 0,
        "OffsetZ": 0,
        "ReferenceSpace": "Native",
        "Version": 1
    },
    "ConversionSoftware": "BrainVoyager",
    "ConversionSoftwareVersion": "21.4.5.4030",
    "ImageNumber": 176,
    "ImageOrientationPatientDICOM": [
        -0.0383877919052,
        0.9992629170707,
        0,
        0,
        0,
        -1
    ],
    "ImagePositionPatientDICOM": [
        84.530457289033,
        -137.2262872133,
        58.869804382324
    ],
    "ImageType": "ORIGINAL PRIMARY M ND NORM",
    "MagneticFieldStrength": 3,
    "Manufacturer": "SIEMENS",
    "ManufacturersModelName": "Prisma_fit",
    "Modality": "MR",
    "PatientPosition": "HFS",
    "RepetitionTime": 2.3,
    "SeriesDescription": "mprage_sag_p2",
    "SeriesNumber": 2,
    "SliceThickness": 1,
    "StudyDescription": "Culham^Psych_9223"
}
