{
    "AcquisitionNumber": 1,
    "AcquisitionTime": "11:49:59.892500",
    "BrainVoyagerInfo": {
        "AcquisitionTime": "114959.892500",
        "CalculatedDicomSlice1CenterX": -1.11236572265625,
        "CalculatedDicomSlice1CenterY": -27.94639015197754,
        "CalculatedDicomSlice1CenterZ": -67.47756958007812,
        "CalculatedDicomSliceNCenterX": -1.11236572265625,
        "CalculatedDicomSliceNCenterY": 13.984108924865723,
        "CalculatedDicomSliceNCenterZ": 52.930416107177734,
        "CoordinateSystem": 1,
        "DataStorageFormat": 2,
        "DataType": 2,
        "DicomColDirX": 0,
        "DicomColDirY": 0.9443763494491577,
        "DicomColDirZ": -0.3288666605949402,
        "DicomFoVCols": 210,
        "DicomFoVRows": 210,
        "DicomGapThickness": 0,
        "DicomNCols": 84,
        "DicomNRows": 84,
        "DicomPosInfoPresent": 1,
        "DicomRowDirX": 1,
        "DicomRowDirY": 0,
        "DicomRowDirZ": 0,
        "DicomSliceThickness": 2.5,
        "DocumentType": "FMR",
        "MultiBandSequence": true,
        "NrOfPastSpatialTransformations": 0,
        "NrOfPreprocessingSteps": 0,
        "NrOfSkippedVolumes": 0,
        "Protocol": {
            "Conditions": [
                {
                    "ColorB": 255,
                    "ColorG": 163,
                    "ColorR": 255,
                    "IntervalsFrom": [
                        21,
                        37,
                        49,
                        57,
                        61,
                        157,
                        253,
                        261
                    ],
                    "IntervalsTo": [
                        21,
                        37,
                        49,
                        57,
                        61,
                        157,
                        253,
                        261
                    ],
                    "Name": "Face_Left",
                    "NrOfIntervals": 8
                },
                {
                    "ColorB": 255,
                    "ColorG": 0,
                    "ColorR": 255,
                    "IntervalsFrom": [
                        73,
                        113,
                        133,
                        165,
                        173,
                        229,
                        233,
                        257
                    ],
                    "IntervalsTo": [
                        73,
                        113,
                        133,
                        165,
                        173,
                        229,
                        233,
                        257
                    ],
                    "Name": "Face_Center",
                    "NrOfIntervals": 8
                },
                {
                    "ColorB": 95,
                    "ColorG": 2,
                    "ColorR": 187,
                    "IntervalsFrom": [
                        85,
                        97,
                        117,
                        149,
                        153,
                        185,
                        217,
                        221,
                        241
                    ],
                    "IntervalsTo": [
                        85,
                        97,
                        117,
                        149,
                        153,
                        185,
                        217,
                        221,
                        241
                    ],
                    "Name": "Face_Right",
                    "NrOfIntervals": 9
                },
                {
                    "ColorB": 126,
                    "ColorG": 255,
                    "ColorR": 126,
                    "IntervalsFrom": [
                        17,
                        25,
                        69,
                        101,
                        121,
                        125,
                        137,
                        213
                    ],
                    "IntervalsTo": [
                        17,
                        25,
                        69,
                        101,
                        121,
                        125,
                        137,
                        213
                    ],
                    "Name": "Hand_Left",
                    "NrOfIntervals": 8
                },
                {
                    "ColorB": 0,
                    "ColorG": 199,
                    "ColorR": 0,
                    "IntervalsFrom": [
                        29,
                        33,
                        65,
                        93,
                        109,
                        141,
                        169,
                        189,
                        193,
                        197
                    ],
                    "IntervalsTo": [
                        29,
                        33,
                        65,
                        93,
                        109,
                        141,
                        169,
                        189,
                        193,
                        197
                    ],
                    "Name": "Hand_Center",
                    "NrOfIntervals": 10
                },
                {
                    "ColorB": 0,
                    "ColorG": 86,
                    "ColorR": 0,
                    "IntervalsFrom": [
                        41,
                        77,
                        81,
                        105,
                        145,
                        205,
                        209,
                        245
                    ],
                    "IntervalsTo": [
                        41,
                        77,
                        81,
                        105,
                        145,
                        205,
                        209,
                        245
                    ],
                    "Name": "Hand_Right",
                    "NrOfIntervals": 8
                }
            ],
            "FileName": "sub-14_ses-01_MainExp_run-4.prt",
            "Name": "newbi4fmri_MainExp",
            "NrOfConditions": 6,
            "TimeCourseColors": {
                "RefTCPenThick": 3,
                "RefTimeCourseB": 80,
                "RefTimeCourseG": 0,
                "RefTimeCourseR": 0,
                "TCBackColorB": 0,
                "TCBackColorG": 0,
                "TCBackColorR": 0,
                "TCPenThick": 3,
                "TCTextColorB": 255,
                "TCTextColorG": 255,
                "TCTextColorR": 255,
                "TimeCourseB": 255,
                "TimeCourseG": 255,
                "TimeCourseR": 255
            },
            "TimeResolution": "Volumes"
        },
        "SliceAcquisitionOrder": 5,
        "SliceAcquisitionOrderVerified": true,
        "SliceGap": 0,
        "SliceThickness": 2.5,
        "SliceTimingTable": [
            0,
            0.5275,
            0.075,
            0.6025,
            0.15,
            0.6775,
            0.225,
            0.7525,
            0.3,
            0.8275,
            0.375,
            0.9025,
            0.4525,
            0,
            0.5275,
            0.075,
            0.6025,
            0.15,
            0.6775,
            0.225,
            0.7525,
            0.3,
            0.8275,
            0.375,
            0.9025,
            0.4525,
            0,
            0.5275,
            0.075,
            0.6025,
            0.15,
            0.6775,
            0.225,
            0.7525,
            0.3,
            0.8275,
            0.375,
            0.9025,
            0.4525,
            0,
            0.5275,
            0.075,
            0.6025,
            0.15,
            0.6775,
            0.225,
            0.7525,
            0.3,
            0.8275,
            0.375,
            0.9025,
            0.4525
        ],
        "SliceTimingTableSize": 52,
        "TE": 0.028,
        "TR": 1,
        "TimeResolutionVerified": true,
        "Version": 1,
        "VoxelResolutionVerified": true
    },
    "ConversionSoftware": "BrainVoyager",
    "ConversionSoftwareVersion": "21.4.5.4030",
    "ImageNumber": 1,
    "ImageOrientationPatientDICOM": [
        1,
        0,
        0,
        0,
        0.94437636797866,
        -0.328866653225
    ],
    "ImagePositionPatientDICOM": [
        -839.86235119402,
        -820.04204113088,
        208.3593473516
    ],
    "ImageType": "ORIGINAL PRIMARY M MB ND NORM MOSAIC",
    "MagneticFieldStrength": 3,
    "Manufacturer": "SIEMENS",
    "ManufacturersModelName": "Prisma_fit",
    "Modality": "MR",
    "NrOfTemporalPositions": 0,
    "PatientPosition": "HFS",
    "RepetitionTime": 1,
    "SeriesDescription": "ep_mb4_2.5iso",
    "SeriesNumber": 8,
    "SiemensMosaicSliceAcqOrder": 3,
    "SiemensMosaicTE": 0.028,
    "SiemensMosaicTR": 1,
    "SliceThickness": 2.5,
    "SliceTiming": [
        0,
        0.5275,
        0.075,
        0.6025,
        0.15,
        0.6775,
        0.225,
        0.7525,
        0.3,
        0.8275,
        0.375,
        0.9025,
        0.4525,
        0,
        0.5275,
        0.075,
        0.6025,
        0.15,
        0.6775,
        0.225,
        0.7525,
        0.3,
        0.8275,
        0.375,
        0.9025,
        0.4525,
        0,
        0.5275,
        0.075,
        0.6025,
        0.15,
        0.6775,
        0.225,
        0.7525,
        0.3,
        0.8275,
        0.375,
        0.9025,
        0.4525,
        0,
        0.5275,
        0.075,
        0.6025,
        0.15,
        0.6775,
        0.225,
        0.7525,
        0.3,
        0.8275,
        0.375,
        0.9025,
        0.4525
    ],
    "StudyDescription": "newbi4fmri_MainExp",
    "TaskName": "newbi4fmri_MainExp"
}
