{
    "AcquisitionNumber": 1,
    "AcquisitionTime": "10:12:7",
    "BrainVoyagerInfo": {
        "CalculatedDicomSlice1CenterX": -86.51554107666016,
        "CalculatedDicomSlice1CenterY": -37.187076568603516,
        "CalculatedDicomSlice1CenterZ": -55.07086944580078,
        "CalculatedDicomSliceNCenterX": 88.40743255615234,
        "CalculatedDicomSliceNCenterY": -31.995487213134766,
        "CalculatedDicomSliceNCenterZ": -55.07086944580078,
        "CoordinateSystem": 1,
        "DicomColDirX": 0,
        "DicomColDirY": 0,
        "DicomColDirZ": -1,
        "DicomFoVCols": 256,
        "DicomFoVRows": 248,
        "DicomGapThickness": 0,
        "DicomNCols": 248,
        "DicomNRows": 256,
        "DicomPosInfoPresent": 1,
        "DicomRowDirX": -0.02966625802218914,
        "DicomRowDirY": 0.9995598793029785,
        "DicomRowDirZ": 0,
        "DicomSliceThickness": 1,
        "DocumentType": "VMR",
        "FramingCubeDim": 256,
        "MagnetPosInfosVerified": 1,
        "NrOfPastSpatialTransformations": 0,
        "NrOfPreprocessingSteps": 0,
        "OffsetX": 0,
        "OffsetY": 0,
        "OffsetZ": 0,
        "ReferenceSpace": "Native",
        "Version": 1
    },
    "ConversionSoftware": "BrainVoyager",
    "ConversionSoftwareVersion": "21.4.5.4030",
    "ImageNumber": 176,
    "ImageOrientationPatientDICOM": [
        -0.0296662580463,
        0.99955985970503,
        0,
        0,
        0,
        -1
    ],
    "ImagePositionPatientDICOM": [
        92.07121636899,
        -155.44112435298,
        72.429130554199
    ],
    "ImageType": "ORIGINAL PRIMARY M ND NORM",
    "MagneticFieldStrength": 3,
    "Manufacturer": "SIEMENS",
    "ManufacturersModelName": "Prisma_fit",
    "Modality": "MR",
    "PatientPosition": "HFS",
    "RepetitionTime": 2.3,
    "SeriesDescription": "mprage_sag_p2",
    "SeriesNumber": 2,
    "SliceThickness": 1,
    "StudyDescription": "Culham^Psych_9223"
}
