{
    "AcquisitionNumber": 1,
    "AcquisitionTime": "12:14:8",
    "BrainVoyagerInfo": {
        "CalculatedDicomSlice1CenterX": -87.92481994628906,
        "CalculatedDicomSlice1CenterY": -34.76374816894531,
        "CalculatedDicomSlice1CenterZ": -64.39234924316406,
        "CalculatedDicomSliceNCenterX": 87.07518005371094,
        "CalculatedDicomSliceNCenterY": -34.76374816894531,
        "CalculatedDicomSliceNCenterZ": -64.39234924316406,
        "CoordinateSystem": 1,
        "DicomColDirX": 0,
        "DicomColDirY": 0,
        "DicomColDirZ": -1,
        "DicomFoVCols": 256,
        "DicomFoVRows": 240,
        "DicomGapThickness": 0,
        "DicomNCols": 240,
        "DicomNRows": 256,
        "DicomPosInfoPresent": 1,
        "DicomRowDirX": 0,
        "DicomRowDirY": 1,
        "DicomRowDirZ": 0,
        "DicomSliceThickness": 1,
        "DocumentType": "VMR",
        "FramingCubeDim": 256,
        "MagnetPosInfosVerified": 1,
        "NrOfPastSpatialTransformations": 0,
        "NrOfPreprocessingSteps": 0,
        "OffsetX": 0,
        "OffsetY": 0,
        "OffsetZ": 0,
        "ReferenceSpace": "Native",
        "Version": 1
    },
    "ConversionSoftware": "BrainVoyager",
    "ConversionSoftwareVersion": "21.4.5.4030",
    "ImageNumber": 176,
    "ImageOrientationPatientDICOM": [
        0,
        1,
        0,
        0,
        0,
        -1
    ],
    "ImagePositionPatientDICOM": [
        87.075180381536,
        -154.26375198364,
        63.107650756836
    ],
    "ImageType": "ORIGINAL PRIMARY M ND NORM",
    "MagneticFieldStrength": 3,
    "Manufacturer": "SIEMENS",
    "ManufacturersModelName": "Prisma_fit",
    "Modality": "MR",
    "PatientPosition": "HFS",
    "RepetitionTime": 2.3,
    "SeriesDescription": "mprage_sag_p2",
    "SeriesNumber": 2,
    "SliceThickness": 1,
    "StudyDescription": "Culham^Psych_9223"
}
