{
    "AcquisitionNumber": 1,
    "AcquisitionTime": "14:01:44",
    "BrainVoyagerInfo": {
        "CalculatedDicomSlice1CenterX": -86.26891326904297,
        "CalculatedDicomSlice1CenterY": -13.72166919708252,
        "CalculatedDicomSlice1CenterZ": -65.11341857910156,
        "CalculatedDicomSliceNCenterX": 88.00018310546875,
        "CalculatedDicomSliceNCenterY": -25.624347686767578,
        "CalculatedDicomSliceNCenterZ": -54.45466613769531,
        "CoordinateSystem": 1,
        "DicomColDirX": 0.060765594244003296,
        "DicomColDirY": -0.004150272812694311,
        "DicomColDirZ": -0.9981434345245361,
        "DicomFoVCols": 256,
        "DicomFoVRows": 216,
        "DicomGapThickness": 0,
        "DicomNCols": 216,
        "DicomNRows": 256,
        "DicomPosInfoPresent": 1,
        "DicomRowDirX": 0.06814182549715042,
        "DicomRowDirY": 0.9976756572723389,
        "DicomRowDirZ": 0,
        "DicomSliceThickness": 1,
        "DocumentType": "VMR",
        "FramingCubeDim": 256,
        "MagnetPosInfosVerified": 1,
        "NrOfPastSpatialTransformations": 0,
        "NrOfPreprocessingSteps": 0,
        "OffsetX": 0,
        "OffsetY": 0,
        "OffsetZ": 0,
        "ReferenceSpace": "Native",
        "Version": 1
    },
    "ConversionSoftware": "BrainVoyager",
    "ConversionSoftwareVersion": "21.4.5.4030",
    "ImageNumber": 176,
    "ImageOrientationPatientDICOM": [
        0.06814182496521,
        0.99767564453103,
        5.2428198e-08,
        0.06076559380134,
        -0.0041502728352,
        -0.9981434355068
    ],
    "ImagePositionPatientDICOM": [
        72.927322372435,
        -132.34532169461,
        72.8086190214
    ],
    "ImageType": "ORIGINAL PRIMARY M ND NORM",
    "MagneticFieldStrength": 3,
    "Manufacturer": "SIEMENS",
    "ManufacturersModelName": "Prisma_fit",
    "Modality": "MR",
    "PatientPosition": "HFS",
    "RepetitionTime": 2.3,
    "SeriesDescription": "mprage_sag_p2",
    "SeriesNumber": 11,
    "SliceThickness": 1,
    "StudyDescription": "Culham^Psych_9223"
}
